GEM
  remote: https://rubygems.org/
  specs:
    clipboard (1.0.5)

PLATFORMS
  ruby

DEPENDENCIES
  clipboard
